GEM
  remote: http://rubygems.org/
  specs:
    atoulme-Antwrap (0.7.1)
      rjb (>= 1.0.3)
    builder (2.1.2)
    buildr (1.4.3)
      atoulme-Antwrap (= 0.7.1)
      builder (= 2.1.2)
      highline (= 1.5.1)
      hoe (= 2.3.3)
      json_pure (= 1.4.3)
      minitar (= 0.5.3)
      net-sftp (= 2.0.4)
      net-ssh (= 2.0.23)
      rake (= 0.8.7)
      rjb (= 1.2.5)
      rspec (>= 1.2.9)
      rubyforge (= 2.0.3)
      rubyzip (= 0.9.1)
      xml-simple (= 1.0.12)
    cucumber (0.9.4)
      builder (~> 2.1.2)
      diff-lcs (~> 1.1.2)
      gherkin (~> 2.2.9)
      json (~> 1.4.6)
      term-ansicolor (~> 1.0.5)
    diff-lcs (1.1.2)
    gherkin (2.2.9)
      json (~> 1.4.6)
      term-ansicolor (~> 1.0.5)
    highline (1.5.1)
    hoe (2.3.3)
      rake (>= 0.8.7)
      rubyforge (>= 1.0.4)
    json (1.4.6)
    json_pure (1.4.3)
    mime-types (1.16)
    minitar (0.5.3)
    net-sftp (2.0.4)
      net-ssh (>= 2.0.9)
    net-ssh (2.0.23)
    rake (0.8.7)
    rest-client (1.6.1)
      mime-types (>= 1.16)
    rjb (1.2.5)
    rspec (1.3.1)
    rubyforge (2.0.3)
      json_pure (>= 1.1.7)
    rubyzip (0.9.1)
    term-ansicolor (1.0.5)
    xml-simple (1.0.12)

PLATFORMS
  ruby

DEPENDENCIES
  buildr
  cucumber
  rest-client
  rspec (= 1.3.1)
